GIT
  remote: git://github.com/sinatra/sinatra.git
  revision: 459369eb66224836f72e21bbece58c007f3422fa
  specs:
    sinatra (1.4.0)
      rack (~> 1.4)
      rack-protection (~> 1.3)
      tilt (~> 1.3, >= 1.3.3)

GEM
  remote: http://rubygems.org/
  specs:
    Ascii85 (1.0.2)
    afm (0.2.0)
    daemons (1.1.9)
    dberkom-sinatra-prawn (0.9.2.2)
      prawn
    eventmachine (1.0.0)
    haml (3.1.7)
    hashery (2.1.0)
    log4r (1.1.10)
    pdf-reader (1.3.1)
      Ascii85 (~> 1.0.0)
      afm (~> 0.2.0)
      hashery (~> 2.0)
      ruby-rc4
      ttfunk
    prawn (0.12.0)
      pdf-reader (>= 0.9.0)
      ttfunk (~> 1.0.2)
    rack (1.5.0)
    rack-protection (1.3.2)
      rack
    ruby-rc4 (0.1.5)
    thin (1.5.0)
      daemons (>= 1.0.9)
      eventmachine (>= 0.12.6)
      rack (>= 1.0.0)
    tilt (1.3.3)
    ttfunk (1.0.3)

PLATFORMS
  ruby

DEPENDENCIES
  dberkom-sinatra-prawn
  haml
  log4r
  sinatra!
  thin
